PATH
  remote: .
  specs:
    walking_dead (0.1.0)

GEM
  remote: https://rubygems.org/
  specs:
    rake (13.0.6)

PLATFORMS
  ruby

DEPENDENCIES
  bundler (~> 1.17)
  rake (~> 13.0)
  walking_dead!

BUNDLED WITH
   1.17.1
