PATH
  remote: .
  specs:
    walking_dead (0.1.0)

GEM
  remote: https://rubygems.org/
  specs:
    rake (10.5.0)

PLATFORMS
  ruby

DEPENDENCIES
  bundler (~> 1.17)
  rake (~> 10.0)
  walking_dead!

BUNDLED WITH
   1.17.1
